GEM
  remote: https://rubygems.org/
  specs:
    byebug (11.1.1)
    json (2.3.0)
    mini_portile2 (2.4.0)
    nokogiri (1.10.8)
      mini_portile2 (~> 2.4.0)

PLATFORMS
  ruby

DEPENDENCIES
  byebug
  json
  nokogiri

BUNDLED WITH
   2.1.4
